GEM
  remote: https://rubygems.org/
  specs:
    sass (3.2.6)

PLATFORMS
  ruby

DEPENDENCIES
  sass (~> 3.2.6)
